GIT
  remote: https://github.com/ccarruitero/gyoku.git
  revision: 763e8897e3b7a467b0a2c364046d613f5267adaf
  branch: except_convert
  specs:
    gyoku (1.1.1)
      builder (>= 2.1.2)

PATH
  remote: .
  specs:
    pago_efectivo (0.0.1)

GEM
  remote: https://rubygems.org/
  specs:
    builder (3.2.2)
    cutest (1.2.1)
    mime-types (2.3)
    netrc (0.7.7)
    ox (2.1.3)
    rest-client (1.7.2)
      mime-types (>= 1.16, < 3.0)
      netrc (~> 0.7)

PLATFORMS
  ruby

DEPENDENCIES
  cutest
  gyoku!
  ox
  pago_efectivo!
  rest-client
